PATH
  remote: .
  specs:
    teacup (1.2.8)

GEM
  remote: http://rubygems.org/
  specs:

PLATFORMS
  ruby

DEPENDENCIES
  teacup!
