PATH
  remote: .
  specs:
    teacup (2.0.0pre)

GEM
  remote: https://rubygems.org/
  specs:
    motion-layout (0.0.1)

PLATFORMS
  ruby

DEPENDENCIES
  motion-layout
  teacup!
