PATH
  remote: ../..
  specs:
    teacup (0.3.2)
      rake

GEM
  remote: http://rubygems.org/
  specs:
    rake (0.9.2.2)

PLATFORMS
  ruby

DEPENDENCIES
  teacup!
