PATH
  remote: ../..
  specs:
    teacup (2.0.2)

GEM
  specs:

PLATFORMS
  ruby

DEPENDENCIES
  teacup!
